PATH
  remote: .
  specs:
    ruby-iactionable (0.1.1)
      activesupport (>= 3.0.0)
      faraday
      faraday-stack (~> 0.1.5)

GEM
  remote: http://rubygems.org/
  specs:
    activesupport (3.2.3)
      i18n (~> 0.6)
      multi_json (~> 1.0)
    addressable (2.2.8)
    diff-lcs (1.1.3)
    faraday (0.7.6)
      addressable (~> 2.2)
      multipart-post (~> 1.1)
      rack (~> 1.1)
    faraday-stack (0.1.5)
      faraday (>= 0.6, < 0.8)
    i18n (0.6.0)
    multi_json (1.3.4)
    multipart-post (1.1.5)
    rack (1.4.1)
    rspec (2.10.0)
      rspec-core (~> 2.10.0)
      rspec-expectations (~> 2.10.0)
      rspec-mocks (~> 2.10.0)
    rspec-core (2.10.0)
    rspec-expectations (2.10.0)
      diff-lcs (~> 1.1.3)
    rspec-mocks (2.10.1)
    yard (0.8.1)

PLATFORMS
  ruby

DEPENDENCIES
  rspec (>= 2.6)
  ruby-iactionable!
  yard
